STORAGE: NONE
RESTRICTION: == net6.0
NUGET
  remote: https://api.nuget.org/v3/index.json
    AspNetCore.HealthChecks.Redis (6.0.4)
      Microsoft.Extensions.Diagnostics.HealthChecks (>= 6.0.4)
      StackExchange.Redis (>= 2.5.61)
    AsyncFixer (1.6)
    AutoFixture (4.17)
      Fare (>= 2.1.1 < 3.0)
      System.ComponentModel.Annotations (>= 4.3)
    Castle.Core (5.0)
      System.Diagnostics.EventLog (>= 6.0)
    ClrHeapAllocationAnalyzer (3.0)
      Microsoft.CodeAnalysis (>= 3.4)
    coverlet.collector (3.1.2)
    Docker.DotNet (3.125.5)
      Newtonsoft.Json (>= 12.0.3)
      System.Buffers (>= 4.5.1)
      System.Threading.Tasks.Extensions (>= 4.5.4)
    Fare (2.2.1)
    FastEndpoints (4.3.1)
      FluentValidation (>= 11.1)
    FastEndpoints.Swagger (4.3.1)
      FastEndpoints (>= 4.3.1)
      NSwag.AspNetCore (>= 13.16.1)
    FluentAssertions (6.7)
      System.Configuration.ConfigurationManager (>= 4.4)
    FluentValidation (11.1)
    Google.Protobuf (3.21.2)
    Grpc.Core.Api (2.47)
      System.Memory (>= 4.5.3)
    Grpc.Net.Client (2.47)
      Grpc.Net.Common (>= 2.47)
      Microsoft.Extensions.Logging.Abstractions (>= 3.0.3)
    Grpc.Net.Common (2.47)
      Grpc.Core.Api (>= 2.47)
    Humanizer.Core (2.14.1)
    LanguageExt.Core (4.2.9)
      Microsoft.Bcl.AsyncInterfaces (>= 5.0)
      Microsoft.CSharp (>= 4.7)
      System.Diagnostics.Contracts (>= 4.3)
      System.Linq (>= 4.3)
      System.Linq.Queryable (>= 4.3)
      System.Memory (>= 4.5.4)
      System.Reflection.Emit (>= 4.3)
      System.Reflection.Emit.Lightweight (>= 4.3)
      System.Threading.Tasks.Extensions (>= 4.5.4)
      System.ValueTuple (>= 4.5)
    MediatR (10.0.1)
      MediatR.Contracts (>= 1.0.1)
    MediatR.Contracts (1.0.1)
    MediatR.Extensions.Microsoft.DependencyInjection (10.0.1)
      MediatR (>= 10.0.1)
      Microsoft.Extensions.DependencyInjection.Abstractions (>= 6.0)
    Microsoft.AspNetCore.Http (2.2.2)
      Microsoft.AspNetCore.Http.Abstractions (>= 2.2)
      Microsoft.AspNetCore.WebUtilities (>= 2.2)
      Microsoft.Extensions.ObjectPool (>= 2.2)
      Microsoft.Extensions.Options (>= 2.2)
      Microsoft.Net.Http.Headers (>= 2.2)
    Microsoft.AspNetCore.Http.Abstractions (2.2)
      Microsoft.AspNetCore.Http.Features (>= 2.2)
      System.Text.Encodings.Web (>= 4.5)
    Microsoft.AspNetCore.Http.Features (5.0.17)
      Microsoft.Extensions.Primitives (>= 5.0.1)
      System.IO.Pipelines (>= 5.0.2)
    Microsoft.AspNetCore.WebUtilities (2.2)
      Microsoft.Net.Http.Headers (>= 2.2)
      System.Text.Encodings.Web (>= 4.5)
    Microsoft.Bcl.AsyncInterfaces (6.0)
    Microsoft.CodeAnalysis (4.2)
      Microsoft.CodeAnalysis.CSharp.Workspaces (4.2)
      Microsoft.CodeAnalysis.VisualBasic.Workspaces (4.2)
    Microsoft.CodeAnalysis.Analyzers (3.3.3)
    Microsoft.CodeAnalysis.Common (4.2)
      Microsoft.CodeAnalysis.Analyzers (>= 3.3.3)
      System.Collections.Immutable (>= 5.0)
      System.Memory (>= 4.5.4)
      System.Reflection.Metadata (>= 5.0)
      System.Runtime.CompilerServices.Unsafe (>= 6.0)
      System.Text.Encoding.CodePages (>= 6.0)
      System.Threading.Tasks.Extensions (>= 4.5.4)
    Microsoft.CodeAnalysis.CSharp (4.2)
      Microsoft.CodeAnalysis.Common (4.2)
    Microsoft.CodeAnalysis.CSharp.Workspaces (4.2)
      Humanizer.Core (>= 2.2)
      Microsoft.CodeAnalysis.Common (4.2)
      Microsoft.CodeAnalysis.CSharp (4.2)
      Microsoft.CodeAnalysis.Workspaces.Common (4.2)
    Microsoft.CodeAnalysis.VisualBasic (4.2)
      Microsoft.CodeAnalysis.Common (4.2)
    Microsoft.CodeAnalysis.VisualBasic.Workspaces (4.2)
      Microsoft.CodeAnalysis.Common (4.2)
      Microsoft.CodeAnalysis.VisualBasic (4.2)
      Microsoft.CodeAnalysis.Workspaces.Common (4.2)
    Microsoft.CodeAnalysis.Workspaces.Common (4.2)
      Humanizer.Core (>= 2.2)
      Microsoft.Bcl.AsyncInterfaces (>= 6.0)
      Microsoft.CodeAnalysis.Common (4.2)
      System.Composition (>= 6.0)
      System.IO.Pipelines (>= 6.0.1)
    Microsoft.CodeCoverage (17.2)
    Microsoft.CSharp (4.7)
    Microsoft.Extensions.ApiDescription.Server (6.0.7)
    Microsoft.Extensions.Configuration (6.0.1)
      Microsoft.Extensions.Configuration.Abstractions (>= 6.0)
      Microsoft.Extensions.Primitives (>= 6.0)
    Microsoft.Extensions.Configuration.Abstractions (6.0)
      Microsoft.Extensions.Primitives (>= 6.0)
    Microsoft.Extensions.Configuration.Binder (6.0)
      Microsoft.Extensions.Configuration.Abstractions (>= 6.0)
    Microsoft.Extensions.DependencyInjection (6.0)
      Microsoft.Extensions.DependencyInjection.Abstractions (>= 6.0)
      System.Runtime.CompilerServices.Unsafe (>= 6.0)
    Microsoft.Extensions.DependencyInjection.Abstractions (6.0)
    Microsoft.Extensions.DependencyModel (6.0)
      System.Buffers (>= 4.5.1)
      System.Memory (>= 4.5.4)
      System.Runtime.CompilerServices.Unsafe (>= 6.0)
      System.Text.Encodings.Web (>= 6.0)
      System.Text.Json (>= 6.0)
    Microsoft.Extensions.Diagnostics.HealthChecks (6.0.7)
      Microsoft.Extensions.Diagnostics.HealthChecks.Abstractions (>= 6.0.7)
      Microsoft.Extensions.Hosting.Abstractions (>= 6.0)
      Microsoft.Extensions.Logging.Abstractions (>= 6.0.1)
      Microsoft.Extensions.Options (>= 6.0)
    Microsoft.Extensions.Diagnostics.HealthChecks.Abstractions (6.0.7)
    Microsoft.Extensions.FileProviders.Abstractions (6.0)
      Microsoft.Extensions.Primitives (>= 6.0)
    Microsoft.Extensions.FileProviders.Embedded (6.0.7)
      Microsoft.Extensions.FileProviders.Abstractions (>= 6.0)
    Microsoft.Extensions.Hosting.Abstractions (6.0)
      Microsoft.Extensions.Configuration.Abstractions (>= 6.0)
      Microsoft.Extensions.DependencyInjection.Abstractions (>= 6.0)
      Microsoft.Extensions.FileProviders.Abstractions (>= 6.0)
    Microsoft.Extensions.Logging (6.0)
      Microsoft.Extensions.DependencyInjection (>= 6.0)
      Microsoft.Extensions.DependencyInjection.Abstractions (>= 6.0)
      Microsoft.Extensions.Logging.Abstractions (>= 6.0)
      Microsoft.Extensions.Options (>= 6.0)
      System.Diagnostics.DiagnosticSource (>= 6.0)
    Microsoft.Extensions.Logging.Abstractions (6.0.1)
    Microsoft.Extensions.Logging.Configuration (6.0)
      Microsoft.Extensions.Configuration (>= 6.0)
      Microsoft.Extensions.Configuration.Abstractions (>= 6.0)
      Microsoft.Extensions.Configuration.Binder (>= 6.0)
      Microsoft.Extensions.DependencyInjection.Abstractions (>= 6.0)
      Microsoft.Extensions.Logging (>= 6.0)
      Microsoft.Extensions.Logging.Abstractions (>= 6.0)
      Microsoft.Extensions.Options (>= 6.0)
      Microsoft.Extensions.Options.ConfigurationExtensions (>= 6.0)
    Microsoft.Extensions.ObjectPool (6.0.7)
    Microsoft.Extensions.Options (6.0)
      Microsoft.Extensions.DependencyInjection.Abstractions (>= 6.0)
      Microsoft.Extensions.Primitives (>= 6.0)
    Microsoft.Extensions.Options.ConfigurationExtensions (6.0)
      Microsoft.Extensions.Configuration.Abstractions (>= 6.0)
      Microsoft.Extensions.Configuration.Binder (>= 6.0)
      Microsoft.Extensions.DependencyInjection.Abstractions (>= 6.0)
      Microsoft.Extensions.Options (>= 6.0)
      Microsoft.Extensions.Primitives (>= 6.0)
    Microsoft.Extensions.Primitives (6.0)
      System.Runtime.CompilerServices.Unsafe (>= 6.0)
    Microsoft.Net.Http.Headers (2.2.8)
      Microsoft.Extensions.Primitives (>= 2.2)
      System.Buffers (>= 4.5)
    Microsoft.NET.Test.Sdk (17.2)
      Microsoft.CodeCoverage (>= 17.2)
      Microsoft.TestPlatform.TestHost (>= 17.2)
    Microsoft.NETCore.Platforms (6.0.5)
    Microsoft.NETCore.Targets (5.0)
    Microsoft.OpenApi (1.3.2)
    Microsoft.TestPlatform.ObjectModel (17.2)
      NuGet.Frameworks (>= 5.11)
      System.Reflection.Metadata (>= 1.6)
    Microsoft.TestPlatform.TestHost (17.2)
      Microsoft.TestPlatform.ObjectModel (>= 17.2)
      Newtonsoft.Json (>= 9.0.1)
    Microsoft.Tye.Extensions.Configuration (0.10.0-alpha.21420.1)
      Microsoft.Extensions.Configuration (>= 2.1.1)
    Microsoft.Win32.SystemEvents (6.0.1)
    Moq (4.18.1)
      Castle.Core (>= 5.0)
      System.Threading.Tasks.Extensions (>= 4.5.4)
    Namotion.Reflection (2.0.10)
      Microsoft.CSharp (>= 4.3)
    NATS.Client (0.14.8)
    NETStandard.Library (2.0.3)
      Microsoft.NETCore.Platforms (>= 1.1)
    Newtonsoft.Json (13.0.1)
    NJsonSchema (10.7.2)
      Namotion.Reflection (>= 2.0.10)
      Newtonsoft.Json (>= 9.0.1)
    NJsonSchema.Yaml (10.7.2)
      Microsoft.CSharp (>= 4.4.1)
      NJsonSchema (>= 10.7.2)
      YamlDotNet (>= 11.2.1)
    NSwag.Annotations (13.16.1)
    NSwag.AspNetCore (13.16.1)
      Microsoft.Extensions.ApiDescription.Server (>= 6.0.3)
      Microsoft.Extensions.FileProviders.Embedded (>= 6.0 < 7.0)
      NSwag.Annotations (>= 13.16.1)
      NSwag.Core (>= 13.16.1)
      NSwag.Core.Yaml (>= 13.16.1)
      NSwag.Generation (>= 13.16.1)
      NSwag.Generation.AspNetCore (>= 13.16.1)
    NSwag.Core (13.16.1)
      Newtonsoft.Json (>= 9.0.1)
      NJsonSchema (>= 10.7.2)
    NSwag.Core.Yaml (13.16.1)
      NJsonSchema.Yaml (>= 10.7.2)
      NSwag.Core (>= 13.16.1)
      YamlDotNet (>= 11.2.1)
    NSwag.Generation (13.16.1)
      Newtonsoft.Json (>= 9.0.1)
      NJsonSchema (>= 10.7.2)
      NSwag.Core (>= 13.16.1)
    NSwag.Generation.AspNetCore (13.16.1)
      Microsoft.Extensions.DependencyInjection.Abstractions (>= 6.0 < 7.0)
      Microsoft.Extensions.Options (>= 6.0 < 7.0)
      NSwag.Generation (>= 13.16.1)
    NuGet.Frameworks (6.2.1)
    OpenTelemetry (1.3)
      Microsoft.Extensions.Logging (>= 3.1)
      Microsoft.Extensions.Logging.Configuration (>= 3.1)
      OpenTelemetry.Api (>= 1.3)
      System.Collections.Immutable (>= 1.4)
      System.Reflection.Emit.Lightweight (>= 4.7)
    OpenTelemetry.Api (1.3)
      System.Diagnostics.DiagnosticSource (>= 6.0)
      System.Reflection.Emit.Lightweight (>= 4.7)
    OpenTelemetry.Exporter.Console (1.3)
      OpenTelemetry (>= 1.3)
      System.Text.Json (>= 4.7)
    OpenTelemetry.Exporter.OpenTelemetryProtocol (1.3)
      Google.Protobuf (>= 3.19.4 < 4.0)
      Grpc.Net.Client (>= 2.43 < 3.0)
      OpenTelemetry (>= 1.3)
    OpenTelemetry.Exporter.OpenTelemetryProtocol.Logs (1.3.0-rc.2)
      OpenTelemetry (>= 1.3.0-rc.2)
      OpenTelemetry.Exporter.OpenTelemetryProtocol (>= 1.3.0-rc.2)
    OpenTelemetry.Extensions.Hosting (1.0.0-rc9.4)
      Microsoft.Extensions.Hosting.Abstractions (>= 2.1)
      OpenTelemetry (>= 1.3)
    OpenTelemetry.Instrumentation.AspNetCore (1.0.0-rc9.4)
      OpenTelemetry (>= 1.3)
    OpenTelemetry.Instrumentation.StackExchangeRedis (1.0.0-rc9.6)
      Microsoft.Extensions.Options (>= 3.1)
      OpenTelemetry.Api (>= 1.3)
      StackExchange.Redis (>= 2.1.58 < 3.0)
    Pipelines.Sockets.Unofficial (2.2.2)
      System.IO.Pipelines (>= 5.0.1)
    Roslynator.Analyzers (4.1.1)
    Serilog (2.11)
    Serilog.AspNetCore (5.0)
      Microsoft.Extensions.DependencyInjection (>= 5.0)
      Microsoft.Extensions.Logging (>= 5.0)
      Serilog (>= 2.10)
      Serilog.Extensions.Hosting (>= 4.2)
      Serilog.Formatting.Compact (>= 1.1)
      Serilog.Settings.Configuration (>= 3.3)
      Serilog.Sinks.Console (>= 4.0.1)
      Serilog.Sinks.Debug (>= 2.0)
      Serilog.Sinks.File (>= 5.0)
    Serilog.Enrichers.ClientInfo (1.2)
      Microsoft.AspNetCore.Http (>= 2.2.2)
      Serilog (>= 2.9)
    Serilog.Enrichers.Environment (2.2)
      Serilog (>= 2.3)
    Serilog.Enrichers.Process (2.0.2)
      Serilog (>= 2.3)
    Serilog.Enrichers.Thread (3.1)
      Serilog (>= 2.3)
    Serilog.Exceptions (8.3)
      Serilog (>= 2.8)
      System.Reflection.TypeExtensions (>= 4.7)
    Serilog.Extensions.Hosting (5.0)
      Microsoft.Extensions.DependencyInjection.Abstractions (>= 3.1.8)
      Microsoft.Extensions.Hosting.Abstractions (>= 3.1.8)
      Microsoft.Extensions.Logging.Abstractions (>= 3.1.8)
      Serilog (>= 2.10)
      Serilog.Extensions.Logging (>= 3.1)
    Serilog.Extensions.Logging (3.1)
      Microsoft.Extensions.Logging (>= 2.0)
      Serilog (>= 2.9)
    Serilog.Formatting.Compact (1.1)
      Serilog (>= 2.8)
    Serilog.Formatting.Elasticsearch (8.4.1)
      Serilog (>= 2.8)
    Serilog.Settings.Configuration (3.3)
      Microsoft.Extensions.DependencyModel (>= 3.0)
      Microsoft.Extensions.Options.ConfigurationExtensions (>= 2.0)
      Serilog (>= 2.10)
    Serilog.Sinks.Async (1.5)
      Serilog (>= 2.9)
    Serilog.Sinks.Console (4.0.1)
      Serilog (>= 2.10)
    Serilog.Sinks.Debug (2.0)
      Serilog (>= 2.10)
    Serilog.Sinks.File (5.0)
      Serilog (>= 2.10)
    Serilog.Sinks.PeriodicBatching (2.3.1)
      Serilog (>= 2.0)
    Serilog.Sinks.Seq (5.1.1)
      Serilog (>= 2.10)
      Serilog.Formatting.Compact (>= 1.1)
      Serilog.Sinks.File (>= 4.0)
      Serilog.Sinks.PeriodicBatching (>= 2.3)
    Serilog.Sinks.Trace (3.0)
      Serilog (>= 2.10)
    SharpZipLib (1.3.3)
    SonarAnalyzer.CSharp (8.41.0.50478)
    StackExchange.Redis (2.6.48)
      Pipelines.Sockets.Unofficial (>= 2.2.2)
      System.Diagnostics.PerformanceCounter (>= 5.0)
    StronglyTypedId (1.0.0-beta06)
    Swashbuckle.AspNetCore (6.3.2)
      Microsoft.Extensions.ApiDescription.Server (>= 6.0.5)
      Swashbuckle.AspNetCore.Swagger (>= 6.3.2)
      Swashbuckle.AspNetCore.SwaggerGen (>= 6.3.2)
      Swashbuckle.AspNetCore.SwaggerUI (>= 6.3.2)
    Swashbuckle.AspNetCore.Swagger (6.3.2)
      Microsoft.OpenApi (>= 1.2.3)
    Swashbuckle.AspNetCore.SwaggerGen (6.3.2)
      Swashbuckle.AspNetCore.Swagger (>= 6.3.2)
    Swashbuckle.AspNetCore.SwaggerUI (6.3.2)
    System.Buffers (4.5.1)
    System.Collections (4.3)
      Microsoft.NETCore.Platforms (>= 1.1)
      Microsoft.NETCore.Targets (>= 1.1)
      System.Runtime (>= 4.3)
    System.Collections.Immutable (6.0)
      System.Runtime.CompilerServices.Unsafe (>= 6.0)
    System.ComponentModel.Annotations (5.0)
    System.Composition (6.0)
      System.Composition.AttributedModel (>= 6.0)
      System.Composition.Convention (>= 6.0)
      System.Composition.Hosting (>= 6.0)
      System.Composition.Runtime (>= 6.0)
      System.Composition.TypedParts (>= 6.0)
    System.Composition.AttributedModel (6.0)
    System.Composition.Convention (6.0)
      System.Composition.AttributedModel (>= 6.0)
    System.Composition.Hosting (6.0)
      System.Composition.Runtime (>= 6.0)
    System.Composition.Runtime (6.0)
    System.Composition.TypedParts (6.0)
      System.Composition.AttributedModel (>= 6.0)
      System.Composition.Hosting (>= 6.0)
      System.Composition.Runtime (>= 6.0)
    System.Configuration.ConfigurationManager (6.0)
      System.Security.Cryptography.ProtectedData (>= 6.0)
      System.Security.Permissions (>= 6.0)
    System.Diagnostics.Contracts (4.3)
      System.Runtime (>= 4.3)
    System.Diagnostics.Debug (4.3)
      Microsoft.NETCore.Platforms (>= 1.1)
      Microsoft.NETCore.Targets (>= 1.1)
      System.Runtime (>= 4.3)
    System.Diagnostics.DiagnosticSource (6.0)
      System.Runtime.CompilerServices.Unsafe (>= 6.0)
    System.Diagnostics.EventLog (6.0)
    System.Diagnostics.PerformanceCounter (6.0.1)
      System.Configuration.ConfigurationManager (>= 6.0)
    System.Drawing.Common (6.0)
      Microsoft.Win32.SystemEvents (>= 6.0)
    System.Globalization (4.3)
      Microsoft.NETCore.Platforms (>= 1.1)
      Microsoft.NETCore.Targets (>= 1.1)
      System.Runtime (>= 4.3)
    System.IO (4.3)
      Microsoft.NETCore.Platforms (>= 1.1)
      Microsoft.NETCore.Targets (>= 1.1)
      System.Runtime (>= 4.3)
      System.Text.Encoding (>= 4.3)
      System.Threading.Tasks (>= 4.3)
    System.IO.Pipelines (6.0.3)
    System.Linq (4.3)
      System.Collections (>= 4.3)
      System.Diagnostics.Debug (>= 4.3)
      System.Resources.ResourceManager (>= 4.3)
      System.Runtime (>= 4.3)
      System.Runtime.Extensions (>= 4.3)
    System.Linq.Async (6.0.1)
      Microsoft.Bcl.AsyncInterfaces (>= 6.0)
    System.Linq.Expressions (4.3)
      System.Collections (>= 4.3)
      System.Diagnostics.Debug (>= 4.3)
      System.Globalization (>= 4.3)
      System.IO (>= 4.3)
      System.Linq (>= 4.3)
      System.ObjectModel (>= 4.3)
      System.Reflection (>= 4.3)
      System.Reflection.Emit (>= 4.3)
      System.Reflection.Emit.ILGeneration (>= 4.3)
      System.Reflection.Emit.Lightweight (>= 4.3)
      System.Reflection.Extensions (>= 4.3)
      System.Reflection.Primitives (>= 4.3)
      System.Reflection.TypeExtensions (>= 4.3)
      System.Resources.ResourceManager (>= 4.3)
      System.Runtime (>= 4.3)
      System.Runtime.Extensions (>= 4.3)
      System.Threading (>= 4.3)
    System.Linq.Queryable (4.3)
      System.Collections (>= 4.3)
      System.Diagnostics.Debug (>= 4.3)
      System.Linq (>= 4.3)
      System.Linq.Expressions (>= 4.3)
      System.Reflection (>= 4.3)
      System.Reflection.Extensions (>= 4.3)
      System.Resources.ResourceManager (>= 4.3)
      System.Runtime (>= 4.3)
    System.Memory (4.5.5)
    System.ObjectModel (4.3)
      System.Collections (>= 4.3)
      System.Diagnostics.Debug (>= 4.3)
      System.Resources.ResourceManager (>= 4.3)
      System.Runtime (>= 4.3)
      System.Threading (>= 4.3)
    System.Reflection (4.3)
      Microsoft.NETCore.Platforms (>= 1.1)
      Microsoft.NETCore.Targets (>= 1.1)
      System.IO (>= 4.3)
      System.Reflection.Primitives (>= 4.3)
      System.Runtime (>= 4.3)
    System.Reflection.Emit (4.7)
    System.Reflection.Emit.ILGeneration (4.7)
    System.Reflection.Emit.Lightweight (4.7)
    System.Reflection.Extensions (4.3)
      Microsoft.NETCore.Platforms (>= 1.1)
      Microsoft.NETCore.Targets (>= 1.1)
      System.Reflection (>= 4.3)
      System.Runtime (>= 4.3)
    System.Reflection.Metadata (6.0.1)
      System.Collections.Immutable (>= 6.0)
    System.Reflection.Primitives (4.3)
      Microsoft.NETCore.Platforms (>= 1.1)
      Microsoft.NETCore.Targets (>= 1.1)
      System.Runtime (>= 4.3)
    System.Reflection.TypeExtensions (4.7)
    System.Resources.ResourceManager (4.3)
      Microsoft.NETCore.Platforms (>= 1.1)
      Microsoft.NETCore.Targets (>= 1.1)
      System.Globalization (>= 4.3)
      System.Reflection (>= 4.3)
      System.Runtime (>= 4.3)
    System.Runtime (4.3.1)
      Microsoft.NETCore.Platforms (>= 1.1.1)
      Microsoft.NETCore.Targets (>= 1.1.3)
    System.Runtime.CompilerServices.Unsafe (6.0)
    System.Runtime.Extensions (4.3.1)
      Microsoft.NETCore.Platforms (>= 1.1.1)
      Microsoft.NETCore.Targets (>= 1.1.3)
      System.Runtime (>= 4.3.1)
    System.Security.AccessControl (6.0)
    System.Security.Cryptography.ProtectedData (6.0)
    System.Security.Permissions (6.0)
      System.Security.AccessControl (>= 6.0)
      System.Windows.Extensions (>= 6.0)
    System.Text.Encoding (4.3)
      Microsoft.NETCore.Platforms (>= 1.1)
      Microsoft.NETCore.Targets (>= 1.1)
      System.Runtime (>= 4.3)
    System.Text.Encoding.CodePages (6.0)
      System.Runtime.CompilerServices.Unsafe (>= 6.0)
    System.Text.Encodings.Web (6.0)
      System.Runtime.CompilerServices.Unsafe (>= 6.0)
    System.Text.Json (6.0.5)
      System.Runtime.CompilerServices.Unsafe (>= 6.0)
      System.Text.Encodings.Web (>= 6.0)
    System.Threading (4.3)
      System.Runtime (>= 4.3)
      System.Threading.Tasks (>= 4.3)
    System.Threading.Tasks (4.3)
      Microsoft.NETCore.Platforms (>= 1.1)
      Microsoft.NETCore.Targets (>= 1.1)
      System.Runtime (>= 4.3)
    System.Threading.Tasks.Extensions (4.5.4)
    System.ValueTuple (4.5)
    System.Windows.Extensions (6.0)
      System.Drawing.Common (>= 6.0)
    Testcontainers (2.0.1)
      Docker.DotNet (>= 3.125.5)
      Microsoft.Bcl.AsyncInterfaces (>= 1.1.1)
      Microsoft.Extensions.Logging.Abstractions (>= 3.1.26)
      SharpZipLib (>= 1.3.3)
      System.Text.Json (>= 4.7.2)
    xunit (2.4.1)
      xunit.analyzers (>= 0.10)
      xunit.assert (2.4.1)
      xunit.core (2.4.1)
    xunit.abstractions (2.0.3)
    xunit.analyzers (0.10)
    xunit.assert (2.4.1)
      NETStandard.Library (>= 1.6.1)
    xunit.core (2.4.1)
      xunit.extensibility.core (2.4.1)
      xunit.extensibility.execution (2.4.1)
    xunit.extensibility.core (2.4.1)
      NETStandard.Library (>= 1.6.1)
      xunit.abstractions (>= 2.0.3)
    xunit.extensibility.execution (2.4.1)
      NETStandard.Library (>= 1.6.1)
      xunit.extensibility.core (2.4.1)
    xunit.runner.visualstudio (2.4.5)
    YamlDotNet (11.2.1)
